GIT
  remote: git://github.com/spree/spree_auth_devise
  revision: 0be544ef895d38b0b07ba6ba12284bfa1c23bba4
  branch: 1-3-stable
  specs:
    spree_auth_devise (1.0.0)
      cancan (~> 1.6.7)
      devise (~> 2.2.3)
      devise-encryptable (= 0.1.2)
      spree_core

GIT
  remote: git://github.com/zkarpinski/spree_print_invoice.git
  revision: d3d90535bc364dc4a67e6a30d465e901f532ba71
  branch: local-mods
  specs:
    spree_print_invoice (1.0.0)
      prawn (= 0.8.4)
      spree_core (~> 1.3.0)

PATH
  remote: .
  specs:
    spree_advanced_inventory (0.1)
      spree_core (~> 1.3.2)

GEM
  remote: http://rubygems.org/
  specs:
    actionmailer (3.2.16)
      actionpack (= 3.2.16)
      mail (~> 2.5.4)
    actionpack (3.2.16)
      activemodel (= 3.2.16)
      activesupport (= 3.2.16)
      builder (~> 3.0.0)
      erubis (~> 2.7.0)
      journey (~> 1.0.4)
      rack (~> 1.4.5)
      rack-cache (~> 1.2)
      rack-test (~> 0.6.1)
      sprockets (~> 2.2.1)
    active_utils (2.0.1)
      activesupport (>= 2.3.11)
      i18n
    activemerchant (1.42.2)
      active_utils (~> 2.0, >= 2.0.1)
      activesupport (>= 2.3.14, < 5.0.0)
      builder (>= 2.1.2, < 4.0.0)
      i18n (~> 0.5)
      json (~> 1.7)
      money (< 7.0.0)
      nokogiri (~> 1.4)
    activemodel (3.2.16)
      activesupport (= 3.2.16)
      builder (~> 3.0.0)
    activerecord (3.2.16)
      activemodel (= 3.2.16)
      activesupport (= 3.2.16)
      arel (~> 3.0.2)
      tzinfo (~> 0.3.29)
    activeresource (3.2.16)
      activemodel (= 3.2.16)
      activesupport (= 3.2.16)
    activesupport (3.2.16)
      i18n (~> 0.6, >= 0.6.4)
      multi_json (~> 1.0)
    acts_as_list (0.1.4)
    arel (3.0.3)
    awesome_nested_set (2.1.5)
      activerecord (>= 3.0.0)
    aws-sdk (1.11.2)
      json (~> 1.4)
      nokogiri (< 1.6.0)
      uuidtools (~> 2.1)
    barby (0.5.1)
    bcrypt-ruby (3.1.2)
    builder (3.0.4)
    cancan (1.6.8)
    capybara (1.1.4)
      mime-types (>= 1.16)
      nokogiri (>= 1.3.3)
      rack (>= 1.0.0)
      rack-test (>= 0.5.4)
      selenium-webdriver (~> 2.0)
      xpath (~> 0.1.4)
    childprocess (0.3.9)
      ffi (~> 1.0, >= 1.0.11)
    climate_control (0.0.3)
      activesupport (>= 3.0)
    cocaine (0.5.3)
      climate_control (>= 0.0.3, < 1.0)
    coderay (1.1.0)
    coffee-rails (3.2.2)
      coffee-script (>= 2.2.0)
      railties (~> 3.2.0)
    coffee-script (2.2.0)
      coffee-script-source
      execjs
    coffee-script-source (1.6.3)
    deface (0.9.1)
      nokogiri (~> 1.5.0)
      rails (~> 3.1)
    devise (2.2.8)
      bcrypt-ruby (~> 3.0)
      orm_adapter (~> 0.1)
      railties (~> 3.1)
      warden (~> 1.2.1)
    devise-encryptable (0.1.2)
      devise (>= 2.1.0)
    diff-lcs (1.2.5)
    erubis (2.7.0)
    execjs (2.0.2)
    factory_girl (2.6.4)
      activesupport (>= 2.3.9)
    ffaker (1.15.0)
    ffi (1.9.3)
    has_barcode (0.2.3)
      activesupport (>= 3)
      barby
      i18n
      rake
    highline (1.6.18)
    hike (1.2.3)
    i18n (0.6.9)
    journey (1.0.4)
    jquery-rails (2.2.2)
      railties (>= 3.0, < 5.0)
      thor (>= 0.14, < 2.0)
    json (1.8.1)
    kaminari (0.14.1)
      actionpack (>= 3.0.0)
      activesupport (>= 3.0.0)
    mail (2.5.4)
      mime-types (~> 1.16)
      treetop (~> 1.4.8)
    method_source (0.8.2)
    mime-types (1.25.1)
    money (5.1.1)
      i18n (~> 0.6.0)
    multi_json (1.8.2)
    nokogiri (1.5.10)
    orm_adapter (0.5.0)
    paperclip (2.8.0)
      activerecord (>= 2.3.0)
      activesupport (>= 2.3.2)
      cocaine (>= 0.0.2)
      mime-types
    polyamorous (0.5.0)
      activerecord (~> 3.0)
    polyglot (0.3.3)
    prawn (0.8.4)
      prawn-core (>= 0.8.4, < 0.9)
      prawn-layout (>= 0.8.4, < 0.9)
      prawn-security (>= 0.8.4, < 0.9)
    prawn-core (0.8.4)
    prawn-layout (0.8.4)
    prawn-security (0.8.4)
    pry (0.9.12.4)
      coderay (~> 1.0)
      method_source (~> 0.8)
      slop (~> 3.4)
    rabl (0.7.2)
      activesupport (>= 2.3.14)
      multi_json (~> 1.0)
    rack (1.4.5)
    rack-cache (1.2)
      rack (>= 0.4)
    rack-ssl (1.3.3)
      rack
    rack-test (0.6.2)
      rack (>= 1.0)
    rails (3.2.16)
      actionmailer (= 3.2.16)
      actionpack (= 3.2.16)
      activerecord (= 3.2.16)
      activeresource (= 3.2.16)
      activesupport (= 3.2.16)
      bundler (~> 1.0)
      railties (= 3.2.16)
    railties (3.2.16)
      actionpack (= 3.2.16)
      activesupport (= 3.2.16)
      rack-ssl (~> 1.3.2)
      rake (>= 0.8.7)
      rdoc (~> 3.4)
      thor (>= 0.14.6, < 2.0)
    rake (10.1.0)
    ransack (0.7.2)
      actionpack (~> 3.0)
      activerecord (~> 3.0)
      polyamorous (~> 0.5.0)
    rdoc (3.12.2)
      json (~> 1.4)
    rspec-core (2.14.7)
    rspec-expectations (2.14.4)
      diff-lcs (>= 1.1.3, < 2.0)
    rspec-mocks (2.14.4)
    rspec-rails (2.14.0)
      actionpack (>= 3.0)
      activesupport (>= 3.0)
      railties (>= 3.0)
      rspec-core (~> 2.14.0)
      rspec-expectations (~> 2.14.0)
      rspec-mocks (~> 2.14.0)
    rubyzip (1.1.0)
    sass (3.2.12)
    sass-rails (3.2.6)
      railties (~> 3.2.0)
      sass (>= 3.1.10)
      tilt (~> 1.3)
    select2-rails (3.2.1)
      thor (~> 0.14)
    selenium-webdriver (2.38.0)
      childprocess (>= 0.2.5)
      multi_json (~> 1.0)
      rubyzip (~> 1.0)
      websocket (~> 1.0.4)
    slop (3.4.7)
    spree_core (1.3.4)
      activemerchant (~> 1.34)
      acts_as_list (= 0.1.4)
      awesome_nested_set (= 2.1.5)
      aws-sdk (~> 1.11.1)
      cancan (= 1.6.8)
      deface (>= 0.9.0)
      ffaker (~> 1.15.0)
      highline (= 1.6.18)
      jquery-rails (~> 2.2.0)
      json (>= 1.5.5)
      kaminari (= 0.14.1)
      money (= 5.1.1)
      paperclip (~> 2.8)
      rabl (= 0.7.2)
      rails (~> 3.2.14)
      ransack (= 0.7.2)
      select2-rails (= 3.2.1)
      state_machine (= 1.1.2)
      stringex (~> 1.3.2)
      truncate_html (~> 0.5.5)
    sprockets (2.2.2)
      hike (~> 1.2)
      multi_json (~> 1.0)
      rack (~> 1.0)
      tilt (~> 1.1, != 1.3.0)
    sqlite3 (1.3.8)
    state_machine (1.1.2)
    stringex (1.3.3)
    thor (0.18.1)
    tilt (1.4.1)
    treetop (1.4.15)
      polyglot
      polyglot (>= 0.3.1)
    truncate_html (0.5.5)
    tzinfo (0.3.38)
    uuidtools (2.1.4)
    warden (1.2.3)
      rack (>= 1.0)
    websocket (1.0.7)
    xpath (0.1.4)
      nokogiri (~> 1.3)

PLATFORMS
  ruby

DEPENDENCIES
  barby
  capybara (~> 1.1.2)
  coffee-rails
  factory_girl (~> 2.6.4)
  ffaker
  has_barcode
  pry
  rspec-rails (~> 2.9)
  sass-rails
  spree_advanced_inventory!
  spree_auth_devise!
  spree_print_invoice!
  sqlite3
